PATH
  remote: .
  specs:
    proc_evaluate (1.0.0)

GEM
  remote: https://rubygems.org/
  specs:
    minitest (5.17.0)
    rake (13.0.6)

PLATFORMS
  x86_64-linux

DEPENDENCIES
  minitest (~> 5.0)
  proc_evaluate!
  rake (~> 13.0)

BUNDLED WITH
   2.3.14
