PATH
  remote: .
  specs:
    proc_eval (2.0.0)

GEM
  remote: https://rubygems.org/
  specs:
    minitest (5.17.0)
    rake (13.0.6)

PLATFORMS
  x86_64-darwin-21
  x86_64-linux

DEPENDENCIES
  minitest (~> 5.0)
  proc_eval!
  rake (~> 13.0)

BUNDLED WITH
   2.4.8
